GEM
  remote: http://rubygems.org/
  specs:
    builder (3.1.4)
    coderay (1.0.9)
    cucumber (1.2.1)
      builder (>= 2.1.2)
      diff-lcs (>= 1.1.3)
      gherkin (~> 2.11.0)
      json (>= 1.4.6)
    diff-lcs (1.2.1)
    faraday (0.8.5)
      multipart-post (~> 1.1)
    gherkin (2.11.6)
      json (>= 1.7.6)
    json (1.7.6)
    method_source (0.8.1)
    multipart-post (1.1.5)
    pry (0.9.12)
      coderay (~> 1.0.5)
      method_source (~> 0.8)
      slop (~> 3.4)
    rack (1.3.0)
    rspec (2.0.1)
      rspec-core (~> 2.0.1)
      rspec-expectations (~> 2.0.1)
      rspec-mocks (~> 2.0.1)
    rspec-core (2.0.1)
    rspec-expectations (2.0.1)
      diff-lcs (>= 1.1.2)
    rspec-mocks (2.0.1)
      rspec-core (~> 2.0.1)
      rspec-expectations (~> 2.0.1)
    sinatra (1.2.6)
      rack (~> 1.1)
      tilt (>= 1.2.2, < 2.0)
    slop (3.4.3)
    tilt (1.3.2)

PLATFORMS
  ruby

DEPENDENCIES
  cucumber (~> 1.2.1)
  faraday (~> 0.8.5)
  json
  pry
  rspec
  sinatra
